PATH
  remote: .
  specs:
    graphql-constraint-directive (0.1.2)
      graphql (~> 2.0, < 3)

GEM
  remote: https://rubygems.org/
  specs:
    amazing_print (1.4.0)
    ast (2.4.2)
    byebug (11.1.3)
    diff-lcs (1.5.0)
    graphql (2.0.16)
    json (2.6.2)
    parallel (1.22.1)
    parser (3.1.2.1)
      ast (~> 2.4.1)
    rainbow (3.1.1)
    rake (13.0.6)
    regexp_parser (2.6.0)
    rexml (3.2.5)
    rspec (3.12.0)
      rspec-core (~> 3.12.0)
      rspec-expectations (~> 3.12.0)
      rspec-mocks (~> 3.12.0)
    rspec-core (3.12.0)
      rspec-support (~> 3.12.0)
    rspec-expectations (3.12.0)
      diff-lcs (>= 1.2.0, < 2.0)
      rspec-support (~> 3.12.0)
    rspec-json_matcher (0.2.0)
      amazing_print
      json
    rspec-mocks (3.12.0)
      diff-lcs (>= 1.2.0, < 2.0)
      rspec-support (~> 3.12.0)
    rspec-support (3.12.0)
    rubocop (1.38.0)
      json (~> 2.3)
      parallel (~> 1.10)
      parser (>= 3.1.2.1)
      rainbow (>= 2.2.2, < 4.0)
      regexp_parser (>= 1.8, < 3.0)
      rexml (>= 3.2.5, < 4.0)
      rubocop-ast (>= 1.23.0, < 2.0)
      ruby-progressbar (~> 1.7)
      unicode-display_width (>= 1.4.0, < 3.0)
    rubocop-ast (1.23.0)
      parser (>= 3.1.1.0)
    ruby-progressbar (1.11.0)
    unicode-display_width (2.3.0)

PLATFORMS
  arm64-darwin-21
  x86_64-linux

DEPENDENCIES
  byebug
  graphql-constraint-directive!
  rake (~> 13.0)
  rspec (~> 3.0)
  rspec-json_matcher
  rubocop (~> 1.21)

BUNDLED WITH
   2.3.25
